GEM
  remote: https://rubygems.org/
  specs:
    byebug (11.1.3)
    rack (3.0.9)
    rackup (2.1.0)
      rack (>= 3)
      webrick (~> 1.8)
    webrick (1.8.1)

PLATFORMS
  aarch64-linux
  ruby

DEPENDENCIES
  byebug
  rack
  rackup

BUNDLED WITH
   2.5.3
